GEM
  remote: http://rubygems.org/
  specs:
    activemodel (3.2.12)
      activesupport (= 3.2.12)
      builder (~> 3.0.0)
    activesupport (3.2.12)
      i18n (~> 0.6)
      multi_json (~> 1.0)
    builder (3.0.4)
    i18n (0.6.4)
    json (1.7.7)
    minitest (4.2.0)
    multi_json (1.6.1)
    rack (1.5.1)
    rack-protection (1.3.2)
      rack
    sinatra (1.3.4)
      rack (~> 1.4)
      rack-protection (~> 1.3)
      tilt (~> 1.3, >= 1.3.3)
    tilt (1.3.3)
    use_case (0.11.0)

PLATFORMS
  ruby

DEPENDENCIES
  activemodel
  json (>= 1.7.7, < 1.8)
  minitest
  sinatra
  use_case (>= 0.11)
