PATH
  remote: .
  specs:
    when (0.1.0)

GEM
  remote: http://rubygems.org/
  specs:
    minitest (2.12.1)
    rake (0.9.2.2)

PLATFORMS
  ruby

DEPENDENCIES
  minitest (~> 2.0)
  rake (~> 0.9)
  when!
